GEM
  remote: https://rubygems.org/
  specs:
    backports (3.6.4)
    elasticsearch (1.0.6)
      elasticsearch-api (= 1.0.6)
      elasticsearch-transport (= 1.0.6)
    elasticsearch-api (1.0.6)
      multi_json
    elasticsearch-transport (1.0.6)
      faraday
      multi_json
    faraday (0.9.1)
      multipart-post (>= 1.2, < 3)
    firebase (0.2.4)
      httpclient
      json
    heroku-deflater (0.5.3)
      rack (>= 1.4.5)
    httpclient (2.6.0.1)
    json (1.8.2)
    multi_json (1.10.1)
    multipart-post (2.0.0)
    puma (2.11.1)
      rack (>= 1.1, < 2.0)
    rack (1.5.2)
    rack-protection (1.5.2)
      rack
    rack-ssl-enforcer (0.2.9)
    rack-test (0.6.3)
      rack (>= 1.0)
    redis (3.2.1)
    shotgun (0.9)
      rack (>= 1.0)
    sinatra (1.4.4)
      rack (~> 1.4)
      rack-protection (~> 1.4)
      tilt (~> 1.3, >= 1.3.4)
    sinatra-contrib (1.4.2)
      backports (>= 2.0)
      multi_json
      rack-protection
      rack-test
      sinatra (~> 1.4.0)
      tilt (~> 1.3)
    tilt (1.4.1)

PLATFORMS
  ruby

DEPENDENCIES
  elasticsearch
  firebase
  heroku-deflater
  json
  puma
  rack-ssl-enforcer
  redis
  shotgun
  sinatra
  sinatra-contrib

BUNDLED WITH
   1.10.6
