GEM
  remote: https://rubygems.org/
  specs:
    heroku-deflater (0.5.3)
      rack (>= 1.4.5)
    rack (1.5.2)
    rack-protection (1.5.2)
      rack
    shotgun (0.9)
      rack (>= 1.0)
    sinatra (1.4.4)
      rack (~> 1.4)
      rack-protection (~> 1.4)
      tilt (~> 1.3, >= 1.3.4)
    tilt (1.4.1)

PLATFORMS
  ruby

DEPENDENCIES
  heroku-deflater
  shotgun
  sinatra
