GEM
  remote: https://rubygems.org/
  specs:
    daemons (1.1.9)
    eventmachine (1.0.3)
    heroku-deflater (0.5.3)
      rack (>= 1.4.5)
    json (1.8.1)
    rack (1.5.2)
    rack-protection (1.5.2)
      rack
    rethinkdb (1.13.0.1)
      json
    shotgun (0.9)
      rack (>= 1.0)
    sinatra (1.4.4)
      rack (~> 1.4)
      rack-protection (~> 1.4)
      tilt (~> 1.3, >= 1.3.4)
    thin (1.6.2)
      daemons (>= 1.0.9)
      eventmachine (>= 1.0.0)
      rack (>= 1.0.0)
    tilt (1.4.1)

PLATFORMS
  ruby

DEPENDENCIES
  heroku-deflater
  json
  rethinkdb
  shotgun
  sinatra
  thin
