GEM
  remote: https://rubygems.org/
  specs:
    backports (3.6.7)
    elasticsearch (1.0.15)
      elasticsearch-api (= 1.0.15)
      elasticsearch-transport (= 1.0.15)
    elasticsearch-api (1.0.15)
      multi_json
    elasticsearch-transport (1.0.15)
      faraday
      multi_json
    faraday (0.9.2)
      multipart-post (>= 1.2, < 3)
    firebase (0.2.6)
      httpclient
      json
    heroku-deflater (0.6.2)
      rack (>= 1.4.5)
    httpclient (2.7.0.1)
    json (1.8.3)
    multi_json (1.11.2)
    multipart-post (2.0.0)
    puma (2.15.3)
    rack (1.6.4)
    rack-protection (1.5.3)
      rack
    rack-ssl-enforcer (0.2.9)
    rack-test (0.6.3)
      rack (>= 1.0)
    redis (3.2.2)
    shotgun (0.9.1)
      rack (>= 1.0)
    sinatra (1.4.6)
      rack (~> 1.4)
      rack-protection (~> 1.4)
      tilt (>= 1.3, < 3)
    sinatra-contrib (1.4.6)
      backports (>= 2.0)
      multi_json
      rack-protection
      rack-test
      sinatra (~> 1.4.0)
      tilt (>= 1.3, < 3)
    tilt (2.0.1)

PLATFORMS
  ruby

DEPENDENCIES
  elasticsearch
  firebase
  heroku-deflater
  json
  puma
  rack-ssl-enforcer
  redis
  shotgun
  sinatra
  sinatra-contrib

BUNDLED WITH
   1.10.6
